GEM
  remote: http://rubygems.org/
  specs:
    addressable (2.2.4)
    async_sinatra (0.5.0)
      rack (>= 1.2.1)
      sinatra (>= 1.0)
    daemons (1.1.3)
    em-websocket (0.2.1)
      addressable (>= 2.1.1)
      eventmachine (>= 0.12.9)
    eventmachine (0.12.10)
    ffi (1.0.8)
    filewatch (0.2.5)
      ffi
    haml (3.0.25)
    json (1.4.6)
    mime-types (1.16)
    mixlib-authentication (1.1.4)
      mixlib-log
    mixlib-cli (1.2.0)
    mixlib-log (1.3.0)
    nagios_analyzer (0.0.1)
    rack (1.2.2)
    rest-client (1.6.1)
      mime-types (>= 1.16)
    sinatra (1.2.1)
      rack (~> 1.1)
      tilt (< 2.0, >= 1.2.2)
    spice (0.5.0)
      mixlib-authentication
      rest-client
      yajl-ruby
    thin (1.2.11)
      daemons (>= 1.0.9)
      eventmachine (>= 0.12.6)
      rack (>= 1.0.0)
    tilt (1.2.2)
    yajl-ruby (0.8.2)

PLATFORMS
  ruby

DEPENDENCIES
  async_sinatra
  em-websocket
  eventmachine
  filewatch
  haml
  json
  mixlib-cli
  mixlib-log
  nagios_analyzer
  spice (= 0.5.0)
  thin (= 1.2.11)
